GEM
  remote: https://rubygems.org/
  specs:
    haml (6.0.7)
      temple (>= 0.8.2)
      thor
      tilt
    hpricot (0.8.6)
    html2haml (1.0.0.beta.1)
      haml (>= 3.2.0.beta.1)
      hpricot
    mini_portile2 (2.8.0)
    nokogiri (1.13.9)
      mini_portile2 (~> 2.8.0)
      racc (~> 1.4)
    racc (1.6.0)
    temple (0.8.2)
    thor (1.2.1)
    tilt (2.0.10)

PLATFORMS
  ruby

DEPENDENCIES
  html2haml

BUNDLED WITH
   2.0.2
